GEM
  remote: http://rubygems.org/
  specs:
    mocha (0.9.12)
    shoulda (2.11.3)

PLATFORMS
  ruby

DEPENDENCIES
  mocha
  shoulda
